GEM
  remote: https://rubygems.org/
  specs:
    addressable (2.3.6)
    coffee-script (2.3.0)
      coffee-script-source
      execjs
    coffee-script-source (1.8.0)
    dotenv (1.0.2)
    excon (0.42.1)
    execjs (2.2.2)
    foreman (0.77.0)
      dotenv (~> 1.0.2)
      thor (~> 0.19.1)
    haml (4.0.6)
      tilt
    heroku (3.21.4)
      heroku-api (~> 0.3.19)
      launchy (>= 0.3.2)
      multi_json (~> 1.10.1)
      netrc (>= 0.10.0)
      rest-client (= 1.6.7)
      rubyzip (= 0.9.9)
    heroku-api (0.3.22)
      excon (~> 0.38)
      multi_json (~> 1.8)
    launchy (2.4.3)
      addressable (~> 2.3)
    mime-types (2.4.3)
    multi_json (1.10.1)
    netrc (0.10.2)
    rack (1.6.0)
    rack-protection (1.5.3)
      rack
    rest-client (1.6.7)
      mime-types (>= 1.16)
    rubyzip (0.9.9)
    sass (3.4.9)
    sinatra (1.4.5)
      rack (~> 1.4)
      rack-protection (~> 1.4)
      tilt (~> 1.3, >= 1.3.4)
    thor (0.19.1)
    tilt (1.4.1)

PLATFORMS
  ruby

DEPENDENCIES
  coffee-script
  foreman
  haml
  heroku
  sass
  sinatra
